PATH
  remote: .
  specs:
    sorting (1.0.0)
      thor
      zeitwerk

GEM
  remote: https://rubygems.org/
  specs:
    byebug (11.1.1)
    coderay (1.1.2)
    method_source (1.0.0)
    minitest (5.14.0)
    pry (0.13.0)
      coderay (~> 1.1)
      method_source (~> 1.0)
    pry-byebug (3.9.0)
      byebug (~> 11.0)
      pry (~> 0.13.0)
    rake (12.3.3)
    thor (1.0.1)
    zeitwerk (2.3.0)

PLATFORMS
  ruby

DEPENDENCIES
  minitest (~> 5.0)
  pry
  pry-byebug
  rake (~> 12.0)
  sorting!

BUNDLED WITH
   2.1.4
